GIT
  remote: https://github.com/livingsocial/rake-pipeline.git
  revision: 65b1e744defa208e313703d89f3453447cc103b2
  specs:
    rake-pipeline (0.8.0)
      json
      rake (~> 10.0.0)
      thor

GIT
  remote: https://github.com/tchak/barber.git
  revision: fe2c2debe4d0b00bddb4d5a6af0bba467a097c95
  specs:
    barber (0.4.2)
      ember-source
      execjs
      handlebars-source (>= 1.0.0.rc.4)

GIT
  remote: https://github.com/wycats/rake-pipeline-web-filters.git
  revision: 31e8a1e779be4e928f510f6f4f481c58cd796800
  specs:
    rake-pipeline-web-filters (0.6.0)
      rack
      rake-pipeline (~> 0.6)

GEM
  remote: https://rubygems.org/
  specs:
    ember-source (0.0.9)
      handlebars-source (= 1.0.0.rc4)
    execjs (1.4.0)
      multi_json (~> 1.0)
    handlebars-source (1.0.0.rc4)
    json (1.8.0)
    multi_json (1.7.7)
    rack (1.5.2)
    rake (10.0.4)
    thor (0.18.1)
    uglifier (2.1.1)
      execjs (>= 0.3.0)
      multi_json (~> 1.0, >= 1.0.2)

PLATFORMS
  ruby

DEPENDENCIES
  barber!
  rack
  rake-pipeline!
  rake-pipeline-web-filters!
  uglifier
