GIT
  remote: https://github.com/livingsocial/rake-pipeline.git
  revision: 65b1e744defa208e313703d89f3453447cc103b2
  specs:
    rake-pipeline (0.8.0)
      json
      rake (~> 10.0.0)
      thor

GIT
  remote: https://github.com/tchak/barber.git
  revision: b0e3a940e6317e7b48cc855610105e25096a7350
  specs:
    barber (0.4.1)
      ember-source
      execjs
      handlebars-source

GIT
  remote: https://github.com/wycats/rake-pipeline-web-filters.git
  revision: fd8d838491bd6b8de0bab72d90115b9a4f2da8a1
  specs:
    rake-pipeline-web-filters (0.6.0)
      rack
      rake-pipeline (~> 0.6)

GEM
  remote: https://rubygems.org/
  specs:
    ember-source (0.0.1)
      handlebars-source (>= 1.0.0.rc3, < 1.0.0.rc4)
    execjs (1.4.0)
      multi_json (~> 1.0)
    handlebars-source (1.0.0.rc3)
    json (1.7.7)
    multi_json (1.6.1)
    rack (1.5.2)
    rake (10.0.3)
    thor (0.17.0)
    uglifier (1.3.0)
      execjs (>= 0.3.0)
      multi_json (~> 1.0, >= 1.0.2)

PLATFORMS
  ruby

DEPENDENCIES
  barber!
  rack
  rake-pipeline!
  rake-pipeline-web-filters!
  uglifier
